PATH
  remote: .
  specs:
    cloud_runner (0.0.2)
      digital_ocean
      net-scp
      net-ssh

GEM
  remote: http://rubygems.org/
  specs:
    diff-lcs (1.2.1)
    digital_ocean (1.0.0)
      faraday (~> 0.8.4)
      faraday_middleware
      json
      rash
    faraday (0.8.6)
      multipart-post (~> 1.1)
    faraday_middleware (0.9.0)
      faraday (>= 0.7.4, < 0.9)
    hashie (2.0.2)
    json (1.7.7)
    multipart-post (1.2.0)
    net-scp (1.1.0)
      net-ssh (>= 2.6.5)
    net-ssh (2.6.6)
    rash (0.4.0)
      hashie (~> 2.0.0)
    rspec (2.13.0)
      rspec-core (~> 2.13.0)
      rspec-expectations (~> 2.13.0)
      rspec-mocks (~> 2.13.0)
    rspec-core (2.13.1)
    rspec-expectations (2.13.0)
      diff-lcs (>= 1.1.3, < 2.0)
    rspec-mocks (2.13.0)

PLATFORMS
  ruby

DEPENDENCIES
  cloud_runner!
  rspec
